GEM
  remote: http://rubygems.org/
  specs:
    awesome_print (1.7.0)
    domain_name (0.5.20180417)
      unf (>= 0.0.5, < 1.0.0)
    ffi (1.9.23-x64-mingw32)
    ffi (1.9.23-x86-mingw32)
    highline (1.7.8)
    http-cookie (1.0.3)
      domain_name (~> 0.5)
    mime-types (2.0)
    mini_portile2 (2.3.0)
    netrc (0.11.0)
    nokogiri (1.8.2)
      mini_portile2 (~> 2.3.0)
    nokogiri (1.8.2-x64-mingw32)
      mini_portile2 (~> 2.3.0)
    nokogiri (1.8.2-x86-mingw32)
      mini_portile2 (~> 2.3.0)
    nokogiri-pretty (0.1.0)
      nokogiri
    nori (2.6.0)
    rest-client (2.0.2)
      http-cookie (>= 1.0.2, < 2.0)
      mime-types (>= 1.16, < 4.0)
      netrc (~> 0.8)
    rest-client (2.0.2-x64-mingw32)
      ffi (~> 1.9)
      http-cookie (>= 1.0.2, < 2.0)
      mime-types (>= 1.16, < 4.0)
      netrc (~> 0.8)
    rest-client (2.0.2-x86-mingw32)
      ffi (~> 1.9)
      http-cookie (>= 1.0.2, < 2.0)
      mime-types (>= 1.16, < 4.0)
      netrc (~> 0.8)
    unf (0.1.4)
      unf_ext
    unf_ext (0.0.7.5)
    unf_ext (0.0.7.5-x64-mingw32)
    unf_ext (0.0.7.5-x86-mingw32)

PLATFORMS
  ruby
  x64-mingw32
  x86-mingw32

DEPENDENCIES
  awesome_print (= 1.7.0)
  highline (= 1.7.8)
  mime-types (= 2.0)
  nokogiri (= 1.8.2)
  nokogiri-pretty (= 0.1.0)
  nori (= 2.6.0)
  rest-client (>= 1.7.3)

BUNDLED WITH
   1.16.2
